GEM
  remote: http://rubygems.org/
  specs:
    Ascii85 (1.0.2)
    addressable (2.4.0)
    afm (0.2.2)
    asciidoctor (1.5.4)
    asciidoctor-diagram (1.5.1)
      asciidoctor (~> 1.5.0)
    asciidoctor-epub3 (1.5.0.alpha.6)
      asciidoctor (~> 1.5.0)
      gepub (~> 0.6.9.2)
      thread_safe (~> 0.3.5)
    asciidoctor-pdf (1.5.0.alpha.11)
      asciidoctor (~> 1.5.0)
      prawn (>= 1.3.0, < 3.0.0)
      prawn-icon (= 1.0.0)
      prawn-svg (= 0.21.0)
      prawn-table (= 0.2.2)
      prawn-templates (= 0.0.3)
      safe_yaml (~> 1.0.4)
      thread_safe (~> 0.3.5)
      treetop (= 1.5.3)
    awesome_print (1.7.0)
    celluloid (0.16.0)
      timers (~> 4.0.0)
    celluloid-io (0.16.2)
      celluloid (>= 0.16.0)
      nio4r (>= 1.1.0)
    chunky_png (1.3.6)
    coderay (1.1.1)
    compass (0.12.7)
      chunky_png (~> 1.2)
      fssm (>= 0.2.7)
      sass (~> 3.2.19)
    css_parser (1.4.5)
      addressable
    epubcheck (3.0.1)
    ffi (1.9.14)
    formatador (0.2.5)
    fssm (0.2.10)
    gepub (0.6.9.2)
      nokogiri (~> 1.6.1)
      rubyzip (>= 1.1.1)
    guard (2.14.0)
      formatador (>= 0.2.4)
      listen (>= 2.7, < 4.0)
      lumberjack (~> 1.0)
      nenv (~> 0.1)
      notiffany (~> 0.0)
      pry (>= 0.9.12)
      shellany (~> 0.0)
      thor (>= 0.18.1)
    guard-rake (1.0.0)
      guard
      rake
    hashery (2.1.2)
    hitimes (1.2.4)
    json (2.0.2)
    kindlegen (2.9.7)
    listen (2.10.1)
      celluloid (~> 0.16.0)
      rb-fsevent (>= 0.9.3)
      rb-inotify (>= 0.9)
    lumberjack (1.0.10)
    method_source (0.8.2)
    mini_portile2 (2.1.0)
    nenv (0.3.0)
    nio4r (1.2.1)
    nokogiri (1.6.8)
      mini_portile2 (~> 2.1.0)
      pkg-config (~> 1.1.7)
    notiffany (0.1.0)
      nenv (~> 0.1)
      shellany (~> 0.0)
    pdf-core (0.6.1)
    pdf-reader (1.4.0)
      Ascii85 (~> 1.0.0)
      afm (~> 0.2.1)
      hashery (~> 2.0)
      ruby-rc4
      ttfunk
    pkg-config (1.1.7)
    polyglot (0.3.5)
    posix-spawn (0.3.11)
    prawn (2.1.0)
      pdf-core (~> 0.6.1)
      ttfunk (~> 1.4.0)
    prawn-icon (1.0.0)
      prawn (>= 1.1.0, < 3.0.0)
    prawn-svg (0.21.0)
      css_parser (~> 1.3)
      prawn (>= 0.8.4, < 3)
    prawn-table (0.2.2)
      prawn (>= 1.3.0, < 3.0.0)
    prawn-templates (0.0.3)
      pdf-reader (~> 1.3)
      prawn (>= 0.15.0)
    pry (0.10.4)
      coderay (~> 1.1.0)
      method_source (~> 0.8.1)
      slop (~> 3.4)
    pygments.rb (0.6.3)
      posix-spawn (~> 0.3.6)
      yajl-ruby (~> 1.2.0)
    rake (11.2.2)
    rb-fsevent (0.9.7)
    rb-inotify (0.9.7)
      ffi (>= 0.5.0)
    ruby-rc4 (0.1.5)
    rubyzip (1.2.0)
    safe_yaml (1.0.4)
    sass (3.2.19)
    shellany (0.0.1)
    slop (3.6.0)
    thor (0.19.1)
    thread_safe (0.3.5)
    timers (4.0.4)
      hitimes
    treetop (1.5.3)
      polyglot (~> 0.3)
    ttfunk (1.4.0)
    yajl-ruby (1.2.1)
    zurb-foundation (4.3.2)
      sass (>= 3.2.0)

PLATFORMS
  ruby

DEPENDENCIES
  asciidoctor (= 1.5.4)
  asciidoctor-diagram
  asciidoctor-epub3 (= 1.5.0.alpha.6)
  asciidoctor-pdf (= 1.5.0.alpha.11)
  awesome_print
  celluloid-io (~> 0.16.0)
  coderay
  compass (= 0.12.7)
  epubcheck
  guard-rake
  json
  kindlegen
  listen (~> 2.9)
  pygments.rb
  rake
  thread_safe
  zurb-foundation (= 4.3.2)

BUNDLED WITH
   1.12.5
